PATH
  remote: .
  specs:
    progresso (0.1.0)
      excon (~> 0.62.0)

GEM
  remote: https://rubygems.org/
  specs:
    excon (0.62.0)
    rake (10.5.0)

PLATFORMS
  ruby

DEPENDENCIES
  bundler (~> 1.16.a)
  progresso!
  rake (~> 10.0)

BUNDLED WITH
   1.16.0.pre.3
